PATH
  remote: .
  specs:
    pwhois (1.2.2)
      whois (>= 3.6, < 5.0)

GEM
  remote: https://rubygems.org/
  specs:
    diff-lcs (1.3)
    rake (12.3.2)
    rspec (3.8.0)
      rspec-core (~> 3.8.0)
      rspec-expectations (~> 3.8.0)
      rspec-mocks (~> 3.8.0)
    rspec-core (3.8.0)
      rspec-support (~> 3.8.0)
    rspec-expectations (3.8.2)
      diff-lcs (>= 1.2.0, < 2.0)
      rspec-support (~> 3.8.0)
    rspec-mocks (3.8.0)
      diff-lcs (>= 1.2.0, < 2.0)
      rspec-support (~> 3.8.0)
    rspec-support (3.8.0)
    rspec_junit_formatter (0.4.1)
      rspec-core (>= 2, < 4, != 2.12.0)
    whois (4.0.8)

PLATFORMS
  ruby

DEPENDENCIES
  pwhois!
  rake (~> 12.3)
  rspec (~> 3.8)
  rspec_junit_formatter (~> 0.4)

BUNDLED WITH
   1.17.2
